PATH
  remote: ../knoxframeworx
  specs:
    knoxframeworx (0.0.2)
      rack

GEM
  remote: https://rubygems.org/
  specs:
    rack (1.6.0)

PLATFORMS
  ruby

DEPENDENCIES
  knoxframeworx!
